PATH
  remote: .
  specs:
    kinki_train_info (0.1.0)

GEM
  remote: https://rubygems.org/
  specs:
    diff-lcs (1.3)
    docile (1.3.2)
    rake (12.3.2)
    rspec (3.8.0)
      rspec-core (~> 3.8.0)
      rspec-expectations (~> 3.8.0)
      rspec-mocks (~> 3.8.0)
    rspec-core (3.8.0)
      rspec-support (~> 3.8.0)
    rspec-expectations (3.8.2)
      diff-lcs (>= 1.2.0, < 2.0)
      rspec-support (~> 3.8.0)
    rspec-mocks (3.8.0)
      diff-lcs (>= 1.2.0, < 2.0)
      rspec-support (~> 3.8.0)
    rspec-support (3.8.0)
    rspec_junit_formatter (0.4.1)
      rspec-core (>= 2, < 4, != 2.12.0)
    simplecov (0.18.1)
      docile (~> 1.1)
      simplecov-html (~> 0.11.0)
    simplecov-html (0.11.0)
    yard (0.9.24)

PLATFORMS
  ruby

DEPENDENCIES
  bundler
  kinki_train_info!
  rake (~> 12.0)
  rspec (~> 3.0)
  rspec_junit_formatter
  simplecov
  yard

BUNDLED WITH
   2.1.4
